GEM
  remote: https://rubygems.org/
  specs:
    activemodel (3.2.13)
      activesupport (= 3.2.13)
      builder (~> 3.0.0)
    activerecord (3.2.13)
      activemodel (= 3.2.13)
      activesupport (= 3.2.13)
      arel (~> 3.0.2)
      tzinfo (~> 0.3.29)
    activesupport (3.2.13)
      i18n (= 0.6.1)
      multi_json (~> 1.0)
    arel (3.0.2)
    builder (3.0.4)
    domain_name (0.5.9)
      unf (>= 0.0.5, < 1.0.0)
    i18n (0.6.1)
    json (1.7.7)
    mechanize (2.6.0)
      domain_name (~> 0.5, >= 0.5.1)
      mime-types (~> 1.17, >= 1.17.2)
      net-http-digest_auth (~> 1.1, >= 1.1.1)
      net-http-persistent (~> 2.5, >= 2.5.2)
      nokogiri (~> 1.4)
      ntlm-http (~> 0.1, >= 0.1.1)
      webrobots (>= 0.0.9, < 0.2)
    mime-types (1.21)
    multi_json (1.7.2)
    net-http-digest_auth (1.2.1)
    net-http-persistent (2.8)
    nokogiri (1.5.9)
    ntlm-http (0.1.1)
    rack (1.5.2)
    rack-protection (1.5.0)
      rack
    rake (10.0.4)
    sinatra (1.4.2)
      rack (~> 1.5, >= 1.5.2)
      rack-protection (~> 1.4)
      tilt (~> 1.3, >= 1.3.4)
    sinatra-activerecord (1.2.2)
      activerecord (~> 3.0)
      sinatra (~> 1.0)
    sqlite3 (1.3.7)
    tilt (1.3.6)
    tzinfo (0.3.37)
    unf (0.1.1)
      unf_ext
    unf_ext (0.0.6)
    webrobots (0.1.1)

PLATFORMS
  ruby

DEPENDENCIES
  json
  mechanize
  rake
  sinatra
  sinatra-activerecord
  sqlite3
